GIT
  remote: https://github.com/fourks/dorothy.git
  revision: 4f7d62cd2281e000e9286261e59131fc081e2751
  specs:
    dorothy (0.0.3)

GEM
  remote: https://rubygems.org/
  specs:
    cinch (2.0.4)

PLATFORMS
  ruby

DEPENDENCIES
  cinch
  dorothy!
