GEM
  remote: https://rubygems.org/
  specs:
    cinch (2.0.4)

PLATFORMS
  ruby

DEPENDENCIES
  cinch
